GEM
  remote: https://rubygems.org/
  specs:
    highline (2.0.0)
    tapp (1.5.1)
      thor
    thor (0.20.0)

PLATFORMS
  ruby

DEPENDENCIES
  highline
  tapp

BUNDLED WITH
   1.16.1
